GEM
  remote: https://rubygems.org/
  specs:
    mini_portile2 (2.5.0)
    nokogiri (1.11.2)
      mini_portile2 (~> 2.5.0)
      racc (~> 1.4)
    ox (2.14.4)
    racc (1.5.2)

PLATFORMS
  ruby

DEPENDENCIES
  nokogiri
  ox

RUBY VERSION
   ruby 3.0.0p0

BUNDLED WITH
   1.17.2
